PATH
  remote: .
  specs:
    adwords-simple-api (0.1.0)
      google-adwords-api (~> 1.2)

GEM
  remote: https://rubygems.org/
  specs:
    addressable (2.5.2)
      public_suffix (>= 2.0.2, < 4.0)
    akami (1.3.1)
      gyoku (>= 0.4.0)
      nokogiri
    builder (3.2.3)
    diff-lcs (1.3)
    faraday (0.14.0)
      multipart-post (>= 1.2, < 3)
    google-ads-common (1.0.1)
      google-ads-savon (~> 1.0, >= 1.0.2)
      httpclient (~> 2.7)
      httpi (~> 2.3)
      signet (~> 0.7)
    google-ads-savon (1.0.3)
      akami (~> 1.2)
      builder (~> 3.0)
      gyoku (~> 1.2)
      httpi (~> 2.3)
      nokogiri (~> 1.6)
      nori (~> 2.6)
      wasabi (~> 3.4)
    google-adwords-api (1.2.0)
      google-ads-common (~> 1.0.0)
      nori (~> 2.6)
    gyoku (1.3.1)
      builder (>= 2.1.2)
    httpclient (2.8.3)
    httpi (2.4.3)
      rack
      socksify
    jwt (2.1.0)
    mini_portile2 (2.3.0)
    multi_json (1.13.1)
    multipart-post (2.0.0)
    nokogiri (1.8.2)
      mini_portile2 (~> 2.3.0)
    nori (2.6.0)
    public_suffix (3.0.2)
    rack (2.0.4)
    rake (10.4.2)
    rspec (3.7.0)
      rspec-core (~> 3.7.0)
      rspec-expectations (~> 3.7.0)
      rspec-mocks (~> 3.7.0)
    rspec-core (3.7.0)
      rspec-support (~> 3.7.0)
    rspec-expectations (3.7.0)
      diff-lcs (>= 1.2.0, < 2.0)
      rspec-support (~> 3.7.0)
    rspec-mocks (3.7.0)
      diff-lcs (>= 1.2.0, < 2.0)
      rspec-support (~> 3.7.0)
    rspec-support (3.7.0)
    signet (0.8.1)
      addressable (~> 2.3)
      faraday (~> 0.9)
      jwt (>= 1.5, < 3.0)
      multi_json (~> 1.10)
    socksify (1.7.1)
    wasabi (3.5.0)
      httpi (~> 2.0)
      nokogiri (>= 1.4.2)

PLATFORMS
  ruby

DEPENDENCIES
  adwords-simple-api!
  bundler (~> 1.16)
  rake (~> 10.0)
  rspec (~> 3.0)

BUNDLED WITH
   1.16.0
